GEM
  remote: https://rubygems.org/
  specs:
    activemodel (5.2.1)
      activesupport (= 5.2.1)
    activerecord (5.2.1)
      activemodel (= 5.2.1)
      activesupport (= 5.2.1)
      arel (>= 9.0)
    activesupport (5.2.1)
      concurrent-ruby (~> 1.0, >= 1.0.2)
      i18n (>= 0.7, < 2)
      minitest (~> 5.1)
      tzinfo (~> 1.1)
    arel (9.0.0)
    async (1.10.3)
      nio4r (~> 2.3)
      timers (~> 4.1)
    async-http (0.33.2)
      async (~> 1.6)
      async-io (~> 1.16)
      http-protocol (~> 0.6.0)
    async-io (1.16.1)
      async (~> 1.3)
    concurrent-ruby (1.0.5)
    database_cleaner (1.7.0)
    diff-lcs (1.2.5)
    factory_bot (4.11.1)
      activesupport (>= 3.0.0)
    hitimes (1.3.0)
    http-hpack (0.1.1)
    http-protocol (0.6.1)
      http-hpack (~> 0.1.0)
    i18n (1.1.1)
      concurrent-ruby (~> 1.0)
    loader (2.2.1)
    minitest (5.11.3)
    nio4r (2.3.1)
    rack (1.6.4)
    rack-app (0.14.0)
      rack
    rspec (3.4.0)
      rspec-core (~> 3.4.0)
      rspec-expectations (~> 3.4.0)
      rspec-mocks (~> 3.4.0)
    rspec-core (3.4.2)
      rspec-support (~> 3.4.0)
    rspec-expectations (3.4.0)
      diff-lcs (>= 1.2.0, < 2.0)
      rspec-support (~> 3.4.0)
    rspec-mocks (3.4.1)
      diff-lcs (>= 1.2.0, < 2.0)
      rspec-support (~> 3.4.0)
    rspec-support (3.4.1)
    sqlite3 (1.3.13)
    thread_safe (0.3.6)
    timecop (0.9.1)
    timers (4.1.2)
      hitimes
    tzinfo (1.2.5)
      thread_safe (~> 0.1)

PLATFORMS
  ruby

DEPENDENCIES
  activerecord
  activesupport
  async-http
  database_cleaner
  factory_bot
  loader
  rack
  rack-app
  rspec
  sqlite3
  timecop

BUNDLED WITH
   1.16.0
