GEM
  remote: https://rubygems.org/
  specs:
    activejob (5.2.1)
      activesupport (= 5.2.1)
      globalid (>= 0.3.6)
    activemodel (5.2.1)
      activesupport (= 5.2.1)
    activerecord (5.2.1)
      activemodel (= 5.2.1)
      activesupport (= 5.2.1)
      arel (>= 9.0)
    activesupport (5.2.1)
      concurrent-ruby (~> 1.0, >= 1.0.2)
      i18n (>= 0.7, < 2)
      minitest (~> 5.1)
      tzinfo (~> 1.1)
    arel (9.0.0)
    axiom-types (0.1.1)
      descendants_tracker (~> 0.0.4)
      ice_nine (~> 0.11.0)
      thread_safe (~> 0.3, >= 0.3.1)
    builder (3.2.3)
    byebug (10.0.2)
    coercible (1.0.0)
      descendants_tracker (~> 0.0.1)
    concurrent-ruby (1.0.5)
    database_cleaner (1.7.0)
    descendants_tracker (0.0.4)
      thread_safe (~> 0.3, >= 0.3.1)
    diff-lcs (1.2.5)
    domain_name (0.5.20180417)
      unf (>= 0.0.5, < 1.0.0)
    equalizer (0.0.11)
    factory_bot (4.11.1)
      activesupport (>= 3.0.0)
    globalid (0.4.1)
      activesupport (>= 4.2.0)
    grape (1.1.0)
      activesupport
      builder
      mustermann-grape (~> 1.0.0)
      rack (>= 1.3.0)
      rack-accept
      virtus (>= 1.0.0)
    grape-swagger (0.31.1)
      grape (>= 0.16.2)
    http-cookie (1.0.3)
      domain_name (~> 0.5)
    i18n (1.1.1)
      concurrent-ruby (~> 1.0)
    ice_nine (0.11.2)
    loader (2.2.1)
    mime-types (3.2.2)
      mime-types-data (~> 3.2015)
    mime-types-data (3.2018.0812)
    minitest (5.11.3)
    mustermann (1.0.3)
    mustermann-grape (1.0.0)
      mustermann (~> 1.0.0)
    netrc (0.11.0)
    rack (2.0.6)
    rack-accept (0.4.5)
      rack (>= 0.4)
    rack-app (0.14.0)
      rack
    rack-test (1.1.0)
      rack (>= 1.0, < 3)
    rest-client (2.0.2)
      http-cookie (>= 1.0.2, < 2.0)
      mime-types (>= 1.16, < 4.0)
      netrc (~> 0.8)
    rspec (3.4.0)
      rspec-core (~> 3.4.0)
      rspec-expectations (~> 3.4.0)
      rspec-mocks (~> 3.4.0)
    rspec-core (3.4.2)
      rspec-support (~> 3.4.0)
    rspec-expectations (3.4.0)
      diff-lcs (>= 1.2.0, < 2.0)
      rspec-support (~> 3.4.0)
    rspec-mocks (3.4.1)
      diff-lcs (>= 1.2.0, < 2.0)
      rspec-support (~> 3.4.0)
    rspec-support (3.4.1)
    sqlite3 (1.3.13)
    thread_safe (0.3.6)
    timecop (0.9.1)
    tzinfo (1.2.5)
      thread_safe (~> 0.1)
    unf (0.1.4)
      unf_ext
    unf_ext (0.0.7.5)
    virtus (1.0.5)
      axiom-types (~> 0.1)
      coercible (~> 1.0)
      descendants_tracker (~> 0.0, >= 0.0.3)
      equalizer (~> 0.0, >= 0.0.9)

PLATFORMS
  ruby

DEPENDENCIES
  activejob
  activerecord
  activesupport
  byebug
  database_cleaner
  factory_bot
  grape
  grape-swagger
  loader
  rack (>= 1.6.11)
  rack-app
  rack-test
  rest-client
  rspec
  sqlite3
  timecop

BUNDLED WITH
   1.16.0
